GEM
  remote: https://rubygems.org/
  specs:
    matrix (0.4.2)
    parslet (2.0.0)
    toml (0.3.0)
      parslet (>= 1.8.0, < 3.0.0)

PLATFORMS
  x86_64-linux

DEPENDENCIES
  matrix (~> 0.4)
  toml

BUNDLED WITH
   2.3.22
