GEM
  remote: https://rubygems.org/
  specs:
    matrix (0.4.2)
    parslet (2.0.0)
    pdf-core (0.9.0)
    prawn (2.4.0)
      pdf-core (~> 0.9.0)
      ttfunk (~> 1.7)
    toml (0.3.0)
      parslet (>= 1.8.0, < 3.0.0)
    ttfunk (1.7.0)

PLATFORMS
  x86_64-linux

DEPENDENCIES
  matrix (~> 0.4)
  prawn
  toml

BUNDLED WITH
   2.3.22
